GEM
  remote: https://rubygems.org/
  specs:
    addressable (2.8.7)
      public_suffix (>= 2.0.2, < 7.0)
    base64 (0.2.0)
    bigdecimal (3.1.8)
    concurrent-ruby (1.2.3)
    devcycle-ruby-server-sdk (3.2.0)
      concurrent-ruby (~> 1.2.0)
      google-protobuf (~> 3.22)
      ld-eventsource (~> 2.2.2)
      oj (~> 3.0)
      sorbet-runtime (>= 0.5.11481)
      typhoeus (~> 1.0, >= 1.0.1)
      wasmtime (= 20.0.2)
    domain_name (0.6.20240107)
    ethon (0.16.0)
      ffi (>= 1.15.0)
    ffi (1.17.0-arm64-darwin)
    ffi (1.17.0-x86_64-linux-gnu)
    ffi-compiler (1.3.2)
      ffi (>= 1.15.5)
      rake
    google-protobuf (3.25.5-arm64-darwin)
    google-protobuf (3.25.5-x86_64-linux)
    http (5.2.0)
      addressable (~> 2.8)
      base64 (~> 0.1)
      http-cookie (~> 1.0)
      http-form_data (~> 2.2)
      llhttp-ffi (~> 0.5.0)
    http-cookie (1.0.7)
      domain_name (~> 0.5)
    http-form_data (2.3.0)
    ld-eventsource (2.2.2)
      concurrent-ruby (~> 1.0)
      http (>= 4.4.1, < 6.0.0)
    llhttp-ffi (0.5.0)
      ffi-compiler (~> 1.0)
      rake (~> 13.0)
    mustermann (3.0.3)
      ruby2_keywords (~> 0.0.1)
    nio4r (2.7.3)
    oj (3.16.6)
      bigdecimal (>= 3.0)
      ostruct (>= 0.2)
    ostruct (0.6.0)
    public_suffix (6.0.1)
    puma (6.4.3)
      nio4r (~> 2.0)
    rack (3.1.7)
    rack-protection (4.0.0)
      base64 (>= 0.1.0)
      rack (>= 3.0.0, < 4)
    rack-session (2.0.0)
      rack (>= 3.0.0)
    rake (13.2.1)
    ruby2_keywords (0.0.5)
    sinatra (4.0.0)
      mustermann (~> 3.0)
      rack (>= 3.0.0, < 4)
      rack-protection (= 4.0.0)
      rack-session (>= 2.0.0, < 3)
      tilt (~> 2.0)
    sorbet-runtime (0.5.11572)
    tilt (2.4.0)
    typhoeus (1.4.1)
      ethon (>= 0.9.0)
    wasmtime (20.0.2-arm64-darwin)
    wasmtime (20.0.2-x86_64-linux)

PLATFORMS
  arm64-darwin-21
  arm64-darwin-23
  x86_64-linux

DEPENDENCIES
  devcycle-ruby-server-sdk
  puma
  sinatra

BUNDLED WITH
   2.5.19
