GEM
  remote: https://rubygems.org/
  specs:
    concurrent-ruby (1.2.0)
    devcycle-ruby-server-sdk (2.0.1)
      concurrent-ruby (= 1.2.0)
      oj (= 3.13.2)
      sorbet-runtime (= 0.5.10648)
      typhoeus (~> 1.0, >= 1.0.1)
      wasmtime (= 5.0.0)
    ethon (0.16.0)
      ffi (>= 1.15.0)
    ffi (1.15.5)
    mustermann (3.0.0)
      ruby2_keywords (~> 0.0.1)
    nio4r (2.5.8)
    oj (3.13.2)
    puma (5.6.5)
      nio4r (~> 2.0)
    rack (2.2.6.2)
    rack-protection (3.0.5)
      rack
    ruby2_keywords (0.0.5)
    sinatra (3.0.5)
      mustermann (~> 3.0)
      rack (~> 2.2, >= 2.2.4)
      rack-protection (= 3.0.5)
      tilt (~> 2.0)
    sorbet-runtime (0.5.10648)
    tilt (2.1.0)
    typhoeus (1.4.0)
      ethon (>= 0.9.0)
    wasmtime (5.0.0-arm64-darwin)

PLATFORMS
  arm64-darwin-21

DEPENDENCIES
  devcycle-ruby-server-sdk
  puma
  sinatra

BUNDLED WITH
   2.3.24
