GEM
  remote: https://rubygems.org/
  specs:
    bigdecimal (3.1.8)
    concurrent-ruby (1.2.3)
    devcycle-ruby-server-sdk (2.7.0)
      concurrent-ruby (~> 1.2.0)
      google-protobuf (~> 3.22)
      oj (~> 3.0)
      sorbet-runtime (~> 0.5)
      typhoeus (~> 1.0, >= 1.0.1)
      wasmtime (= 13.0.0)
    ethon (0.16.0)
      ffi (>= 1.15.0)
    ffi (1.16.3)
    google-protobuf (3.25.3-arm64-darwin)
    google-protobuf (3.25.3-x86_64-linux)
    mustermann (3.0.0)
      ruby2_keywords (~> 0.0.1)
    nio4r (2.7.0)
    oj (3.16.3)
      bigdecimal (>= 3.0)
    puma (6.4.2)
      nio4r (~> 2.0)
    rack (2.2.9)
    rack-protection (3.0.5)
      rack
    rb_sys (0.9.97)
    ruby2_keywords (0.0.5)
    sinatra (3.0.5)
      mustermann (~> 3.0)
      rack (~> 2.2, >= 2.2.4)
      rack-protection (= 3.0.5)
      tilt (~> 2.0)
    sorbet-runtime (0.5.11385)
    tilt (2.1.0)
    typhoeus (1.4.1)
      ethon (>= 0.9.0)
    wasmtime (13.0.0)
      rb_sys (~> 0.9.81)

PLATFORMS
  arm64-darwin-21
  x86_64-linux

DEPENDENCIES
  devcycle-ruby-server-sdk
  puma
  sinatra

BUNDLED WITH
   2.3.24
